PATH
  remote: ../ProMotion
  specs:
    ProMotion (0.6.1)

GEM
  remote: https://rubygems.org/
  specs:
    bubble-wrap (1.3.0)
    formotion (1.3.1)
      bubble-wrap (>= 1.1.4)
      motion-require (~> 0.0.3)
    motion-require (0.0.6)

PLATFORMS
  ruby

DEPENDENCIES
  ProMotion!
  formotion
