GIT
  remote: git://github.com/clearsightstudio/ProMotion.git
  revision: 3c0837706b11c34e5d91c7f1d93334f53b50f2a0
  branch: version-0.7
  specs:
    ProMotion (0.6.1)

GEM
  remote: https://rubygems.org/
  specs:
    bubble-wrap (1.3.0)
    formotion (1.3.1)
      bubble-wrap (>= 1.1.4)
      motion-require (~> 0.0.3)
    motion-require (0.0.6)

PLATFORMS
  ruby

DEPENDENCIES
  ProMotion!
  formotion
